GEM
  remote: http://rubygems.org/
  specs:
    activemodel (5.1.1)
      activesupport (= 5.1.1)
    activesupport (5.1.1)
      concurrent-ruby (~> 1.0, >= 1.0.2)
      i18n (~> 0.7)
      minitest (~> 5.1)
      tzinfo (~> 1.1)
    addressable (2.5.1)
      public_suffix (~> 2.0, >= 2.0.2)
    coderay (1.1.1)
    concurrent-ruby (1.0.5)
    curb (0.9.3)
    curb-fu (0.6.2)
      curb (>= 0.5.4.0)
      rack-test (>= 0.2.0)
    diff-lcs (1.3)
    docile (1.1.5)
    domain_name (0.5.20170404)
      unf (>= 0.0.5, < 1.0.0)
    faraday (0.12.1)
      multipart-post (>= 1.2, < 3)
    faraday_middleware (0.11.0.1)
      faraday (>= 0.7.4, < 1.0)
    faraday_middleware-oauth2_refresh (0.0.3)
      faraday (~> 0.9, >= 0.9)
      faraday_middleware (~> 0, >= 0)
    ffi (1.9.18)
    formatador (0.2.5)
    guard (2.14.1)
      formatador (>= 0.2.4)
      listen (>= 2.7, < 4.0)
      lumberjack (~> 1.0)
      nenv (~> 0.1)
      notiffany (~> 0.0)
      pry (>= 0.9.12)
      shellany (~> 0.0)
      thor (>= 0.18.1)
    guard-compat (1.2.1)
    guard-rspec (4.7.3)
      guard (~> 2.1)
      guard-compat (~> 1.1)
      rspec (>= 2.99.0, < 4.0)
    http-cookie (1.0.3)
      domain_name (~> 0.5)
    i18n (0.8.4)
    json (2.1.0)
    jwt (1.5.6)
    listen (3.1.5)
      rb-fsevent (~> 0.9, >= 0.9.4)
      rb-inotify (~> 0.9, >= 0.9.7)
      ruby_dep (~> 1.2)
    lumberjack (1.0.12)
    medium_sdk (0.0.3)
      faraday (~> 0.9, >= 0.9)
      faraday_middleware (~> 0, >= 0)
      faraday_middleware-oauth2_refresh (~> 0)
      multi_json (~> 1.3)
      oauth2 (~> 1.0, >= 1.0.0)
    method_source (0.8.2)
    mime-types (3.1)
      mime-types-data (~> 3.2015)
    mime-types-data (3.2016.0521)
    minitest (5.10.2)
    multi_json (1.12.1)
    multi_xml (0.6.0)
    multipart-post (2.0.0)
    nenv (0.3.0)
    netrc (0.11.0)
    notiffany (0.1.1)
      nenv (~> 0.1)
      shellany (~> 0.0)
    oauth (0.5.3)
    oauth2 (1.4.0)
      faraday (>= 0.8, < 0.13)
      jwt (~> 1.0)
      multi_json (~> 1.3)
      multi_xml (~> 0.5)
      rack (>= 1.2, < 3)
    pry (0.10.4)
      coderay (~> 1.1.0)
      method_source (~> 0.8.1)
      slop (~> 3.4)
    public_suffix (2.0.5)
    rack (2.0.3)
    rack-test (0.6.3)
      rack (>= 1.0)
    rb-fsevent (0.9.8)
    rb-inotify (0.9.10)
      ffi (>= 0.5.0, < 2)
    rest-client (2.0.2)
      http-cookie (>= 1.0.2, < 2.0)
      mime-types (>= 1.16, < 4.0)
      netrc (~> 0.8)
    rspec (3.6.0)
      rspec-core (~> 3.6.0)
      rspec-expectations (~> 3.6.0)
      rspec-mocks (~> 3.6.0)
    rspec-core (3.6.0)
      rspec-support (~> 3.6.0)
    rspec-expectations (3.6.0)
      diff-lcs (>= 1.2.0, < 2.0)
      rspec-support (~> 3.6.0)
    rspec-mocks (3.6.0)
      diff-lcs (>= 1.2.0, < 2.0)
      rspec-support (~> 3.6.0)
    rspec-support (3.6.0)
    ruby-trello (2.0.0)
      activemodel (>= 3.2.0)
      addressable (~> 2.3)
      json
      oauth (>= 0.4.5)
      rest-client (>= 1.8.0)
    ruby_dep (1.5.0)
    shellany (0.0.1)
    simplecov (0.14.1)
      docile (~> 1.1.0)
      json (>= 1.8, < 3)
      simplecov-html (~> 0.10.0)
    simplecov-html (0.10.1)
    slop (3.6.0)
    thor (0.19.4)
    thread_safe (0.3.6)
    tzinfo (1.2.3)
      thread_safe (~> 0.1)
    unf (0.1.4)
      unf_ext
    unf_ext (0.0.7.4)

PLATFORMS
  ruby

DEPENDENCIES
  curb-fu
  guard-rspec
  medium_sdk
  rspec
  ruby-trello
  simplecov
  thor

BUNDLED WITH
   1.15.1
